GEM
  remote: https://rubygems.org/
  specs:
    activesupport (3.0.20)
    campfire-bot (1.0.0)
      activesupport (~> 3.0.3)
      i18n (~> 0.5.0)
      logging (~> 1.4.3)
      tinder (>= 1.4.3)
      twitter-stream (~> 0.1)
    eventmachine (1.0.3)
    faraday (0.8.7)
      multipart-post (~> 1.1)
    faraday_middleware (0.9.0)
      faraday (>= 0.7.4, < 0.9)
    hashie (1.2.0)
    http_parser.rb (0.5.3)
    i18n (0.5.0)
    json (1.7.7)
    little-plugger (1.1.3)
    logging (1.4.3)
      little-plugger (>= 1.1.2)
    mime-types (1.23)
    multi_json (1.7.3)
    multipart-post (1.2.0)
    simple_oauth (0.1.9)
    tinder (1.9.2)
      eventmachine (~> 1.0)
      faraday (~> 0.8)
      faraday_middleware (~> 0.9)
      hashie (~> 1.0)
      json (~> 1.7.5)
      mime-types (~> 1.19)
      multi_json (~> 1.5)
      twitter-stream (~> 0.1)
    twitter-stream (0.1.16)
      eventmachine (>= 0.12.8)
      http_parser.rb (~> 0.5.1)
      simple_oauth (~> 0.1.4)

PLATFORMS
  ruby

DEPENDENCIES
  campfire-bot
